GEM
  remote: http://ruby.taobao.org/
  remote: https://rubygems.org/
  specs:

PLATFORMS
  ruby

DEPENDENCIES
